PATH
  remote: .
  specs:
    fluent-plugin-mystack_output (0.1.0)
      fluent-mixin-config-placeholders
      fluent-mixin-plaintextformatter
      fluent-mixin-rewrite-tag-name
      fluentd
      influxdb (~> 0.3)
      nsq-ruby
      yajl-ruby

GEM
  remote: https://rubygems.org/
  specs:
    cause (0.1)
    cool.io (1.4.6)
    fluent-mixin-config-placeholders (0.4.0)
      fluentd
      uuidtools (>= 2.1.5)
    fluent-mixin-plaintextformatter (0.2.6)
      fluentd
      ltsv
    fluent-mixin-rewrite-tag-name (0.1.0)
      fluentd
    fluentd (0.14.14)
      cool.io (~> 1.4.5)
      http_parser.rb (>= 0.5.1, < 0.7.0)
      msgpack (>= 0.7.0, < 2.0.0)
      serverengine (>= 2.0.4, < 3.0.0)
      sigdump (~> 0.2.2)
      strptime (~> 0.1.7)
      tzinfo (~> 1.0)
      tzinfo-data (~> 1.0)
      yajl-ruby (~> 1.0)
    http_parser.rb (0.6.0)
    influxdb (0.3.14)
      cause
      json
    json (2.0.3)
    ltsv (0.1.0)
    msgpack (1.1.0)
    nsq-ruby (2.0.5)
    power_assert (0.3.0)
    rake (10.5.0)
    serverengine (2.0.5)
      sigdump (~> 0.2.2)
    sigdump (0.2.4)
    strptime (0.1.9)
    test-unit (3.1.9)
      power_assert
    thread_safe (0.3.6)
    tzinfo (1.2.3)
      thread_safe (~> 0.1)
    tzinfo-data (1.2017.2)
      tzinfo (>= 1.0.0)
    uuidtools (2.1.5)
    yajl-ruby (1.3.0)

PLATFORMS
  ruby

DEPENDENCIES
  bundler (~> 1.3)
  fluent-plugin-mystack_output!
  rake (~> 10.0)
  test-unit (~> 3.1.7)

BUNDLED WITH
   1.13.7
